PATH
  remote: .
  specs:
    kibela_cli (0.1.0)
      thor

GEM
  remote: https://rubygems.org/
  specs:
    rake (13.2.1)
    thor (1.3.2)

PLATFORMS
  x86_64-darwin-23

DEPENDENCIES
  kibela_cli!
  rake (~> 13.0)

BUNDLED WITH
   2.3.26
